GEM
  remote: http://rubygems.org/
  specs:
    addressable (2.3.6)
    backports (3.6.0)
    erubis (2.7.0)
    faraday (0.9.0)
      multipart-post (>= 1.2, < 3)
    koala (1.9.0)
      addressable
      faraday
      multi_json
    multi_json (1.9.2)
    multipart-post (2.0.0)
    mysql2 (0.3.15)
    mysql2-cs-bind (0.0.6)
      mysql2
    rack (1.5.2)
    rack-protection (1.5.2)
      rack
    rack-test (0.6.2)
      rack (>= 1.0)
    sinatra (1.4.4)
      rack (~> 1.4)
      rack-protection (~> 1.4)
      tilt (~> 1.3, >= 1.3.4)
    sinatra-contrib (1.4.2)
      backports (>= 2.0)
      multi_json
      rack-protection
      rack-test
      sinatra (~> 1.4.0)
      tilt (~> 1.3)
    tilt (1.4.1)

PLATFORMS
  ruby

DEPENDENCIES
  erubis
  koala
  mysql2-cs-bind
  sinatra
  sinatra-contrib
